GEM
  remote: https://rubygems.org/
  specs:
    addressable (2.8.0)
      public_suffix (>= 2.0.2, < 5.0)
    azure_mgmt_compute (0.18.7)
      ms_rest_azure (~> 0.11.1)
    azure_mgmt_network (0.18.9)
      ms_rest_azure (~> 0.11.1)
    azure_mgmt_resources (0.17.7)
      ms_rest_azure (~> 0.11.1)
    azure_mgmt_storage (0.17.10)
      ms_rest_azure (~> 0.11.1)
    climate_control (0.2.0)
    concurrent-ruby (1.1.5)
    crack (0.4.3)
      safe_yaml (~> 1.0.0)
    diff-lcs (1.3)
    domain_name (0.5.20190701)
      unf (>= 0.0.5, < 1.0.0)
    dotenv (2.7.5)
    faraday (0.17.0)
      multipart-post (>= 1.2, < 3)
    faraday-cookie_jar (0.0.6)
      faraday (>= 0.7.4)
      http-cookie (~> 1.0.0)
    haikunator (1.1.0)
    hashdiff (1.0.0)
    http-cookie (1.0.3)
      domain_name (~> 0.5)
    ms_rest (0.7.4)
      concurrent-ruby (~> 1.0)
      faraday (~> 0.9)
      timeliness (~> 0.3.10)
    ms_rest_azure (0.11.1)
      concurrent-ruby (~> 1.0)
      faraday (~> 0.9)
      faraday-cookie_jar (~> 0.0.6)
      ms_rest (~> 0.7.4)
      unf_ext (= 0.0.7.2)
    multipart-post (2.1.1)
    public_suffix (4.0.6)
    rake (11.3.0)
    rspec (3.9.0)
      rspec-core (~> 3.9.0)
      rspec-expectations (~> 3.9.0)
      rspec-mocks (~> 3.9.0)
    rspec-core (3.9.0)
      rspec-support (~> 3.9.0)
    rspec-expectations (3.9.0)
      diff-lcs (>= 1.2.0, < 2.0)
      rspec-support (~> 3.9.0)
    rspec-mocks (3.9.0)
      diff-lcs (>= 1.2.0, < 2.0)
      rspec-support (~> 3.9.0)
    rspec-support (3.9.0)
    safe_yaml (1.0.5)
    timeliness (0.3.10)
    unf (0.1.4)
      unf_ext
    unf_ext (0.0.7.2)
    unf_ext (0.0.7.2-x64-mingw32)
    vcr (3.0.3)
    webmock (2.3.2)
      addressable (>= 2.3.6)
      crack (>= 0.3.2)
      hashdiff

PLATFORMS
  x64-mingw32
  x86_64-linux

DEPENDENCIES
  azure_mgmt_compute (~> 0.18.6)
  azure_mgmt_network (~> 0.18.7)
  azure_mgmt_resources (~> 0.17.4)
  azure_mgmt_storage (~> 0.17.9)
  climate_control
  dotenv (~> 2.1)
  haikunator (~> 1.1)
  rake (~> 11.1)
  rspec (~> 3.4)
  vcr (~> 3.0)
  webmock (~> 2.0)

BUNDLED WITH
   2.0.2
